PATH
  remote: .
  specs:
    docker_auto_build (0.1.0)
      httparty (~> 0.13)
      sinatra (~> 1.4)
      sucker_punch (~> 1.5)

GEM
  remote: https://rubygems.org/
  specs:
    celluloid (0.16.0)
      timers (~> 4.0.0)
    hitimes (1.2.2)
    httparty (0.13.7)
      json (~> 1.8)
      multi_xml (>= 0.5.2)
    json (1.8.3)
    multi_xml (0.5.5)
    rack (1.6.4)
    rack-protection (1.5.3)
      rack
    rake (10.4.2)
    sinatra (1.4.6)
      rack (~> 1.4)
      rack-protection (~> 1.4)
      tilt (>= 1.3, < 3)
    sucker_punch (1.5.1)
      celluloid (= 0.16.0)
    tilt (2.0.1)
    timers (4.0.4)
      hitimes

PLATFORMS
  ruby

DEPENDENCIES
  docker_auto_build!
  rake

BUNDLED WITH
   1.10.6
